GEM
  remote: https://rubygems.org/
  specs:
    archive-zip (0.9.0)
      io-like (~> 0.3.0)
    cloudwalk_handshake (0.8.0)
    da_funk (0.8.1)
      bundler (~> 1.7)
      cloudwalk_handshake (~> 0.6)
      funky-emv (~> 0.3)
      posxml_parser (~> 0.6)
      rake (~> 10.4)
    funky-emv (0.5.7)
      funky-tlv (~> 0.2)
    funky-tlv (0.2.2)
    io-like (0.3.0)
    posxml_parser (0.13.1)
      funky-emv (~> 0.3)
    rake (10.5.0)

PLATFORMS
  ruby

DEPENDENCIES
  archive-zip
  da_funk
  rake
